GEM
  remote: https://rubygems.org/
  specs:
    json (2.1.0)
    mini_portile2 (2.3.0)
    multi_json (1.12.2)
    multi_xml (0.6.0)
    mustermann (1.0.1)
    nokogiri (1.8.1)
      mini_portile2 (~> 2.3.0)
    rack (2.0.3)
    rack-protection (2.0.0)
      rack
    sinatra (2.0.0)
      mustermann (~> 1.0)
      rack (~> 2.0)
      rack-protection (= 2.0.0)
      tilt (~> 2.0)
    tilt (2.0.8)

PLATFORMS
  ruby

DEPENDENCIES
  json
  multi_json
  multi_xml
  nokogiri
  sinatra

RUBY VERSION
   ruby 2.3.0p0

BUNDLED WITH
   1.15.4
